GEM
  remote: https://rubygems.org/
  specs:
    activesupport (5.2.0)
      concurrent-ruby (~> 1.0, >= 1.0.2)
      i18n (>= 0.7, < 2)
      minitest (~> 5.1)
      tzinfo (~> 1.1)
    backports (3.11.3)
    concurrent-ruby (1.0.5)
    daemons (1.2.6)
    eventmachine (1.2.7)
    i18n (1.0.1)
      concurrent-ruby (~> 1.0)
    kramdown (1.17.0)
    minitest (5.11.3)
    multi_json (1.13.1)
    mustermann (1.0.2)
    prometheus-client (0.8.0)
      quantile (~> 0.2.1)
    quantile (0.2.1)
    rack (2.0.5)
    rack-protection (2.0.3)
      rack
    rack-ssl-enforcer (0.2.9)
    redis (4.0.1)
    secure_headers (6.0.0)
    sinatra (2.0.3)
      mustermann (~> 1.0)
      rack (~> 2.0)
      rack-protection (= 2.0.3)
      tilt (~> 2.0)
    sinatra-contrib (2.0.3)
      activesupport (>= 4.0.0)
      backports (>= 2.8.2)
      multi_json
      mustermann (~> 1.0)
      rack-protection (= 2.0.3)
      sinatra (= 2.0.3)
      tilt (>= 1.3, < 3)
    thin (1.7.2)
      daemons (~> 1.0, >= 1.0.9)
      eventmachine (~> 1.0, >= 1.0.4)
      rack (>= 1, < 3)
    thread_safe (0.3.6)
    tilt (2.0.8)
    tzinfo (1.2.5)
      thread_safe (~> 0.1)

PLATFORMS
  ruby

DEPENDENCIES
  kramdown
  prometheus-client
  rack-ssl-enforcer
  redis
  secure_headers
  sinatra
  sinatra-contrib
  thin

BUNDLED WITH
   1.16.2
